GIT
  remote: git://github.com/tadejm/Lyricfy.git
  revision: 3a007a30e6d80fe6fe6fe5024ae6ac5364af067b
  specs:
    lyricfy (0.1.0)
      highline
      nokogiri (>= 1.3.3)

GEM
  remote: https://rubygems.org/
  specs:
    diff-lcs (1.3)
    highline (2.0.2)
    mini_portile2 (2.4.0)
    mustermann (1.1.0)
      ruby2_keywords (~> 0.0.1)
    nokogiri (1.10.4)
      mini_portile2 (~> 2.4.0)
    rack (2.0.8)
    rack-protection (2.0.8.1)
      rack
    rake (12.3.3)
    rspec (3.8.0)
      rspec-core (~> 3.8.0)
      rspec-expectations (~> 3.8.0)
      rspec-mocks (~> 3.8.0)
    rspec-core (3.8.2)
      rspec-support (~> 3.8.0)
    rspec-expectations (3.8.4)
      diff-lcs (>= 1.2.0, < 2.0)
      rspec-support (~> 3.8.0)
    rspec-mocks (3.8.1)
      diff-lcs (>= 1.2.0, < 2.0)
      rspec-support (~> 3.8.0)
    rspec-support (3.8.2)
    rspec_junit_formatter (0.4.1)
      rspec-core (>= 2, < 4, != 2.12.0)
    ruby2_keywords (0.0.1)
    sinatra (2.0.8.1)
      mustermann (~> 1.0)
      rack (~> 2.0)
      rack-protection (= 2.0.8.1)
      tilt (~> 2.0)
    tilt (2.0.10)

PLATFORMS
  ruby

DEPENDENCIES
  lyricfy!
  rake
  rspec
  rspec_junit_formatter
  sinatra

RUBY VERSION
   ruby 2.6.4p104

BUNDLED WITH
   1.17.3
