GIT
  remote: git://github.com/tadejm/Lyricfy.git
  revision: 3a007a30e6d80fe6fe6fe5024ae6ac5364af067b
  specs:
    lyricfy (0.1.0)
      highline
      nokogiri (>= 1.3.3)

GEM
  remote: https://rubygems.org/
  specs:
    diff-lcs (1.2.4)
    highline (1.6.20)
    mini_portile (0.5.2)
    nokogiri (1.6.0)
      mini_portile (~> 0.5.0)
    rack (1.5.2)
    rack-protection (1.5.1)
      rack
    rake (10.1.0)
    rspec (2.14.1)
      rspec-core (~> 2.14.0)
      rspec-expectations (~> 2.14.0)
      rspec-mocks (~> 2.14.0)
    rspec-core (2.14.6)
    rspec-expectations (2.14.3)
      diff-lcs (>= 1.1.3, < 2.0)
    rspec-mocks (2.14.4)
    sinatra (1.4.4)
      rack (~> 1.4)
      rack-protection (~> 1.4)
      tilt (~> 1.3, >= 1.3.4)
    tilt (1.4.1)

PLATFORMS
  ruby

DEPENDENCIES
  lyricfy!
  rake
  rspec
  sinatra
